GEM
  remote: https://rubygems.org/
  specs:
    mqtt (0.6.0)

PLATFORMS
  ruby
  x86_64-linux

DEPENDENCIES
  mqtt

BUNDLED WITH
   2.5.11
